GEM
  specs:
    diff-lcs (1.1.3)
    rspec (2.11.0)
      rspec-core (~> 2.11.0)
      rspec-expectations (~> 2.11.0)
      rspec-mocks (~> 2.11.0)
    rspec-core (2.11.1)
    rspec-expectations (2.11.3)
      diff-lcs (~> 1.1.3)
    rspec-mocks (2.11.2)
    sequel (3.39.0)
    sqlite3 (1.3.6)

PLATFORMS
  ruby

DEPENDENCIES
  bundler (>= 1.0.0)
  rspec (~> 2)
  sequel (~> 3.34)
  sqlite3
